GIT
  remote: git://github.com/djanowski/cutest.git
  revision: 9233d57e4eba62d2478c9be8ad318a3176c4b78f
  branch: master
  specs:
    cutest (1.2.2)
      clap

GEM
  remote: https://rubygems.org/
  specs:
    clap (1.0.0)
    nomadize (0.2.0)
      pg (~> 0.18.1)
    pg (0.18.4)
    rake (10.4.2)
    silueta (0.0.3)
    sql_capsule (0.1.1)
      pg (~> 0.18.1)

PLATFORMS
  ruby

DEPENDENCIES
  cutest!
  nomadize
  rake
  silueta
  sql_capsule

BUNDLED WITH
   1.10.6
