GIT
  remote: git://github.com/djanowski/cutest.git
  revision: 9233d57e4eba62d2478c9be8ad318a3176c4b78f
  branch: master
  specs:
    cutest (1.2.2)
      clap

GEM
  remote: https://rubygems.org/
  specs:
    capybara (2.5.0)
      mime-types (>= 1.16)
      nokogiri (>= 1.3.3)
      rack (>= 1.0.0)
      rack-test (>= 0.5.4)
      xpath (~> 2.0)
    clap (1.0.0)
    hache (1.1.0)
    hmote (1.4.0)
      hache (~> 1.1)
    mime-types (2.6.2)
    mini_portile (0.6.2)
    nokogiri (1.6.6.2)
      mini_portile (~> 0.6.0)
    nomadize (0.2.0)
      pg (~> 0.18.1)
    pg (0.18.4)
    rack (1.6.4)
    rack-test (0.6.3)
      rack (>= 1.0)
    rake (10.4.2)
    scrivener (1.0.0)
    seg (0.0.1)
    silueta (0.0.3)
    sql_capsule (0.1.1)
      pg (~> 0.18.1)
    syro (1.1.0)
      rack (~> 1.6.0)
      seg
    tynn (1.4.0)
      rack (~> 1.6)
      syro (~> 1.1)
    xpath (2.0.0)
      nokogiri (~> 1.3)

PLATFORMS
  ruby

DEPENDENCIES
  capybara
  cutest!
  hmote
  nomadize
  rake
  scrivener
  silueta
  sql_capsule
  tynn

BUNDLED WITH
   1.10.6
